GEM
  remote: https://rubygems.org/
  specs:
    ffi (1.9.6)
    pi_piper (1.3.2)
      ffi
    ws2801 (1.1.0)

PLATFORMS
  ruby

DEPENDENCIES
  pi_piper
  ws2801
